GEM
  remote: https://rubygems.org/
  specs:
    coderay (1.1.3)
    kramdown (2.5.1)
      rexml (>= 3.3.9)
    kramdown-parser-gfm (1.1.0)
      kramdown (~> 2.0)
    kramdown-syntax-coderay (1.0.1)
      coderay (~> 1.1)
      kramdown (~> 2.0)
    rexml (3.4.0)

PLATFORMS
  ruby
  x86_64-darwin-24

DEPENDENCIES
  kramdown
  kramdown-parser-gfm
  kramdown-syntax-coderay

BUNDLED WITH
   2.5.22
